GEM
  remote: https://rubygems.org/
  specs:
    aws-sdk (2.6.44)
      aws-sdk-resources (= 2.6.44)
    aws-sdk-core (2.6.44)
      aws-sigv4 (~> 1.0)
      jmespath (~> 1.0)
    aws-sdk-resources (2.6.44)
      aws-sdk-core (= 2.6.44)
    aws-sigv4 (1.0.0)
    colorator (0.1)
    colorize (0.8.1)
    ffi (1.9.14)
    jekyll (3.0.5)
      colorator (~> 0.1)
      jekyll-sass-converter (~> 1.0)
      jekyll-watch (~> 1.1)
      kramdown (~> 1.3)
      liquid (~> 3.0)
      mercenary (~> 0.3.3)
      rouge (~> 1.7)
      safe_yaml (~> 1.0)
    jekyll-sass-converter (1.5.0)
      sass (~> 3.4)
    jekyll-watch (1.5.0)
      listen (~> 3.0, < 3.1)
    jmespath (1.3.1)
    kramdown (1.13.2)
    liquid (3.0.6)
    listen (3.0.8)
      rb-fsevent (~> 0.9, >= 0.9.4)
      rb-inotify (~> 0.9, >= 0.9.7)
    mercenary (0.3.6)
    rb-fsevent (0.9.8)
    rb-inotify (0.9.7)
      ffi (>= 0.5.0)
    rouge (1.11.1)
    safe_yaml (1.0.4)
    sass (3.4.23)

PLATFORMS
  ruby

DEPENDENCIES
  aws-sdk (~> 2)
  colorize
  jekyll (~> 3.0.0)
  sass (~> 3.4.10)

BUNDLED WITH
   1.11.2
